GEM
  remote: http://rubygems.org/
  specs:
    hoe (2.12.3)
      rake (~> 0.8)
    open4 (0.9.6)
    rake (0.8.7)
    rake-remote_task (2.0.4)
      open4 (~> 0.9.0)
      rake (~> 0.8)
    vlad (2.2.2)
      open4 (~> 0.9.0)
      rake (~> 0.8)
      rake-remote_task (~> 2.0)

PLATFORMS
  ruby

DEPENDENCIES
  hoe
  rake (= 0.8.7)
  vlad
