GEM
  remote: http://rubygems.org/
  specs:
    hoe (3.0.6)
      rake (~> 0.8)
    open4 (1.3.4)
    rake (0.9.6)
    rake-remote_task (2.3.0)
      open4 (~> 1.0)
      rake (>= 0.8, < 11.0)
    vlad (2.6.5)
      rake (>= 0.8, < 11.0)
      rake-remote_task (~> 2.3)
    vlad-git (2.2.0)
      vlad (>= 2.1.0)

PLATFORMS
  ruby

DEPENDENCIES
  hoe
  rake
  vlad
  vlad-git

BUNDLED WITH
   1.10.6
